GEM
  remote: http://rubygems.org/
  specs:
    coffee-script (2.4.1)
      coffee-script-source
      execjs
    coffee-script-source (1.9.1.1)
    daemons (1.2.3)
    eco (1.0.0)
      coffee-script
      eco-source
      execjs
    eco-source (1.1.0.rc.1)
    eventmachine (1.0.8)
    execjs (2.6.0)
    haml (4.0.7)
      tilt
    json (1.8.3)
    nutcracker (0.4.1.20)
      redis
    rack (1.6.4)
    rack-protection (1.5.3)
      rack
    redis (3.3.2)
    sinatra (1.4.6)
      rack (~> 1.4)
      rack-protection (~> 1.4)
      tilt (>= 1.3, < 3)
    sprockets (3.3.5)
      rack (> 1, < 3)
    thin (1.6.4)
      daemons (~> 1.0, >= 1.0.9)
      eventmachine (~> 1.0, >= 1.0.4)
      rack (~> 1.0)
    tilt (2.0.1)
    uglifier (2.7.2)
      execjs (>= 0.3.0)
      json (>= 1.8.0)

PLATFORMS
  ruby

DEPENDENCIES
  coffee-script
  eco
  haml
  json
  nutcracker (>= 0.4.1.20)
  sinatra
  sprockets
  thin
  uglifier

BUNDLED WITH
   1.11.2
